PATH
  remote: .
  specs:
    day4 (0.1.0)

GEM
  remote: https://rubygems.org/
  specs:
    coderay (1.1.1)
    method_source (0.9.2)
    power_assert (0.2.6)
    pry (0.12.2)
      coderay (~> 1.1.0)
      method_source (~> 0.9.0)
    rake (10.4.2)
    test-unit (3.2.9)
      power_assert

PLATFORMS
  ruby

DEPENDENCIES
  bundler (~> 1.14)
  day4!
  pry (~> 0.12.2)
  rake (~> 10.0)
  test-unit (~> 3.2.3)

BUNDLED WITH
   1.14.6
