PATH
  remote: .
  specs:
    day3 (0.1.0)

GEM
  remote: https://rubygems.org/
  specs:
    power_assert (0.2.6)
    rake (10.4.2)
    test-unit (3.2.9)
      power_assert

PLATFORMS
  ruby

DEPENDENCIES
  bundler (~> 1.14)
  day3!
  rake (~> 10.0)
  test-unit (~> 3.2.3)

BUNDLED WITH
   1.14.6
